GEM
  remote: http://rubygems.org/
  specs:
    daemons (1.3.1)
    json (2.5.1)
    newrelic_plugin (1.3.1)
      json

PLATFORMS
  ruby
  x86_64-linux

DEPENDENCIES
  daemons
  newrelic_plugin

BUNDLED WITH
   2.1.4
